GEM
  remote: https://rubygems.org/
  specs:
    rack (2.0.7)
    rack-auth-request (0.1.1)
      rack (~> 2.0)

PLATFORMS
  ruby

DEPENDENCIES
  rack
  rack-auth-request

BUNDLED WITH
   2.0.1
